GEM
  remote: https://rubygems.org/
  specs:
    dotenv (2.6.0)
    httparty (0.16.3)
      mime-types (~> 3.0)
      multi_xml (>= 0.5.2)
    jwt (2.1.0)
    mime-types (3.2.2)
      mime-types-data (~> 3.2015)
    mime-types-data (3.2018.0812)
    multi_xml (0.6.0)
    rack (2.0.6)
    rack-unreloader (1.6.0)
    roda (2.1.0)
      rack

PLATFORMS
  ruby

DEPENDENCIES
  dotenv
  httparty
  jwt
  rack-unreloader
  roda

BUNDLED WITH
   2.0.1
